GEM
  remote: http://rubygems.org/
  specs:
    net-http (0.1.1)
      net-protocol
      uri
    net-protocol (0.1.0)
    nokogiri (1.13.9-x86_64-linux)
      racc (~> 1.4)
    racc (1.6.0)
    rexml (3.2.5)
    uri (0.10.1)
    xml-mapping (0.10.1)

PLATFORMS
  x86_64-linux

DEPENDENCIES
  net-http
  nokogiri
  rexml
  uri (= 0.10.1)
  xml-mapping (~> 0.10.0)

BUNDLED WITH
   2.2.3
